PATH
  remote: .
  specs:
    git-deploy (0.6.1)
      highline (~> 1.7)
      net-scp (~> 1.1)
      net-ssh (~> 4.0)
      thor (= 0.14.6)

GEM
  remote: https://rubygems.org/
  specs:
    diff-lcs (1.2.4)
    highline (1.7.8)
    net-scp (1.2.1)
      net-ssh (>= 2.6.5)
    net-ssh (4.0.1)
    rspec (2.13.0)
      rspec-core (~> 2.13.0)
      rspec-expectations (~> 2.13.0)
      rspec-mocks (~> 2.13.0)
    rspec-core (2.13.1)
    rspec-expectations (2.13.0)
      diff-lcs (>= 1.1.3, < 2.0)
    rspec-mocks (2.13.1)
    thor (0.14.6)

PLATFORMS
  ruby

DEPENDENCIES
  git-deploy!
  rspec (~> 2.13.0)

BUNDLED WITH
   1.14.4
